GEM
  remote: https://rubygems.org/
  specs:
    addressable (2.3.3)
    ansi (1.4.3)
    crack (0.3.2)
    little-plugger (1.1.3)
    logging (1.8.1)
      little-plugger (>= 1.1.3)
      multi_json (>= 1.3.6)
    minitest (3.3.0)
    multi_json (1.7.2)
    rake (10.0.4)
    shoulda-context (1.1.1)
    turn (0.9.6)
      ansi
    webmock (1.11.0)
      addressable (>= 2.2.7)
      crack (>= 0.3.2)

PLATFORMS
  ruby

DEPENDENCIES
  logging (= 1.8.1)
  minitest (= 3.3.0)
  rake (= 10.0.4)
  shoulda-context (= 1.1.1)
  turn (= 0.9.6)
  webmock (= 1.11.0)
