GEM
  remote: https://rubygems.org/
  specs:
    addressable (2.3.3)
    ansi (1.4.3)
    crack (0.3.2)
    minitest (3.3.0)
    rake (10.0.4)
    shoulda-context (1.1.1)
    turn (0.9.6)
      ansi
    webmock (1.11.0)
      addressable (>= 2.2.7)
      crack (>= 0.3.2)

PLATFORMS
  ruby

DEPENDENCIES
  minitest (= 3.3.0)
  rake (= 10.0.4)
  shoulda-context (= 1.1.1)
  turn (= 0.9.6)
  webmock (= 1.11.0)
